PATH
  remote: .
  specs:
    gitolite (1.0.1)
      grit (>= 2.5.0)
      hashery (~> 1.5.0)
      plexus (~> 0.5.10)

GEM
  remote: http://rubygems.org/
  specs:
    activesupport (3.2.6)
      i18n (~> 0.6)
      multi_json (~> 1.0)
    blankslate (2.1.2.4)
    diff-lcs (1.1.3)
    facets (2.9.3)
    forgery (0.5.0)
    grit (2.5.0)
      diff-lcs (~> 1.1)
      mime-types (~> 1.15)
      posix-spawn (~> 0.3.6)
    hashery (1.5.0)
      blankslate
    i18n (0.6.0)
    json (1.6.6)
    mime-types (1.18)
    multi_json (1.3.2)
    plexus (0.5.10)
      activesupport
      facets
      rake
    posix-spawn (0.3.6)
    rake (0.9.2.2)
    rdoc (3.12)
      json (~> 1.4)
    rspec (2.9.0)
      rspec-core (~> 2.9.0)
      rspec-expectations (~> 2.9.0)
      rspec-mocks (~> 2.9.0)
    rspec-core (2.9.0)
    rspec-expectations (2.9.1)
      diff-lcs (~> 1.1.3)
    rspec-mocks (2.9.0)
    simplecov (0.6.2)
      multi_json (~> 1.3)
      simplecov-html (~> 0.5.3)
    simplecov-html (0.5.3)

PLATFORMS
  ruby

DEPENDENCIES
  forgery (~> 0.5.0)
  gitolite!
  rdoc (~> 3.12)
  rspec (~> 2.9.0)
  simplecov (~> 0.6.2)
